GEM
  remote: http://rubygems.org/
  specs:
    framework_fixture (0.1.3)
    rack (1.3.3)
    rack-test (0.6.1)
      rack (>= 1.0)
    rake (0.9.2)
    rspec (1.3.2)

PLATFORMS
  ruby

DEPENDENCIES
  framework_fixture (= 0.1.3)
  rack-test (= 0.6.1)
  rake (>= 0.8.7)
  rspec (~> 1.0)
