PATH
  remote: .
  specs:
    gem_template (0.1.0)
      active_wrapper (= 0.4.5)

GEM
  remote: http://rubygems.org/
  specs:
    active_wrapper (0.4.5)
      activerecord (~> 3.0)
    activemodel (3.1.0)
      activesupport (= 3.1.0)
      bcrypt-ruby (~> 3.0.0)
      builder (~> 3.0.0)
      i18n (~> 0.6)
    activerecord (3.1.0)
      activemodel (= 3.1.0)
      activesupport (= 3.1.0)
      arel (~> 2.2.1)
      tzinfo (~> 0.3.29)
    activesupport (3.1.0)
      multi_json (~> 1.0)
    arel (2.2.1)
    bcrypt-ruby (3.0.1)
    builder (3.0.0)
    i18n (0.6.0)
    multi_json (1.0.3)
    rspec (1.3.2)
    tzinfo (0.3.29)

PLATFORMS
  ruby

DEPENDENCIES
  gem_template!
  rspec (~> 1.0)
