GEM
  remote: http://rubygems.org/
  specs:
    active_wrapper (0.4.5)
      activerecord (~> 3.0)
    activemodel (3.1.0)
      activesupport (= 3.1.0)
      bcrypt-ruby (~> 3.0.0)
      builder (~> 3.0.0)
      i18n (~> 0.6)
    activerecord (3.1.0)
      activemodel (= 3.1.0)
      activesupport (= 3.1.0)
      arel (~> 2.2.1)
      tzinfo (~> 0.3.29)
    activesupport (3.1.0)
      multi_json (~> 1.0)
    arel (2.2.1)
    bcrypt-ruby (3.0.1)
    builder (3.0.0)
    haml (3.1.2)
    i18n (0.6.0)
    lilypad (0.3.1)
      builder (>= 2.1.2)
      require (= 0.2.6)
    multi_json (1.0.3)
    rack (1.3.3)
    rack-test (0.6.1)
      rack (>= 1.0)
    rake (0.9.2)
    redis (2.2.2)
    require (0.2.6)
    rspec (1.3.2)
    sinatra (1.2.6)
      rack (~> 1.1)
      tilt (>= 1.2.2, < 2.0)
    tilt (1.3.3)
    tzinfo (0.3.29)

PLATFORMS
  ruby

DEPENDENCIES
  active_wrapper (= 0.4.5)
  haml (= 3.1.2)
  lilypad (= 0.3.1)
  rack-test (= 0.6.1)
  rake (>= 0.8.7)
  redis (= 2.2.2)
  rspec (~> 1.0)
  sinatra (= 1.2.6)
