GEM
  remote: http://rubygems.org/
  specs:
    directory_watcher (1.4.1)
    rake (0.9.2)
    redis (2.2.2)
    rspec (1.3.2)
    slop (2.1.0)
    stasis (0.1.9)
      directory_watcher (~> 1.4.0)
      redis (~> 2.2.1)
      slop (~> 2.1.0)
      tilt (~> 1.3)
      yajl-ruby (~> 0.8.2)
    tilt (1.3.3)
    yajl-ruby (0.8.3)

PLATFORMS
  ruby

DEPENDENCIES
  rake (>= 0.8.7)
  rspec (~> 1.0)
  stasis (~> 0.1.9)
